GIT
  remote: https://github.com/lsegal/yard.git
  revision: efb33b5411f54ae491c10ce5cd227fa49b985fde
  branch: main
  specs:
    yard (0.9.37)

GEM
  remote: https://rubygems.org/
  specs:
    RedCloth (4.3.4)
    activesupport (8.0.1)
      base64
      benchmark (>= 0.3)
      bigdecimal
      concurrent-ruby (~> 1.0, >= 1.3.1)
      connection_pool (>= 2.2.5)
      drb
      i18n (>= 1.6, < 2)
      logger (>= 1.4.2)
      minitest (>= 5.1)
      securerandom (>= 0.3)
      tzinfo (~> 2.0, >= 2.0.5)
      uri (>= 0.13.1)
    asciidoctor (2.0.23)
    base64 (0.2.0)
    benchmark (0.4.0)
    benchmark-ips (2.14.0)
    bigdecimal (3.1.9)
    bluecloth (2.2.0)
    concurrent-ruby (1.3.5)
    connection_pool (2.5.0)
    date (3.4.1)
    derailed_benchmarks (2.2.1)
      base64
      benchmark-ips (~> 2)
      bigdecimal
      drb
      get_process_mem
      heapy (~> 0)
      logger
      memory_profiler (>= 0, < 2)
      mini_histogram (>= 0.3.0)
      mutex_m
      ostruct
      rack (>= 1)
      rack-test
      rake (> 10, < 14)
      ruby-statistics (>= 4.0.1)
      ruby2_keywords
      thor (>= 0.19, < 2)
    diff-lcs (1.5.1)
    drb (2.2.1)
    ffi (1.17.1)
    ffi (1.17.1-x64-mingw-ucrt)
    flamegraph (0.9.5)
    get_process_mem (1.0.0)
      bigdecimal (>= 2.0)
      ffi (~> 1.0)
    github-markup (5.0.1)
    heapy (0.2.0)
      thor
    i18n (1.14.7)
      concurrent-ruby (~> 1.0)
    json (2.9.1)
    kramdown (2.5.1)
      rexml (>= 3.3.9)
    logger (1.6.5)
    maruku (0.7.3)
    memory_profiler (1.1.0)
    mini_histogram (0.3.1)
    mini_portile2 (2.8.8)
    minitest (5.25.4)
    mustermann (3.0.3)
      ruby2_keywords (~> 0.0.1)
    mutex_m (0.3.0)
    net-http-persistent (2.9.4)
    nio4r (2.7.4)
    ostruct (0.6.1)
    pg (1.5.9)
    psych (5.2.3)
      date
      stringio
    puma (6.6.0)
      nio4r (~> 2.0)
    rack (3.1.9)
    rack-mini-profiler (3.3.1)
      rack (>= 1.2.0)
    rack-protection (4.1.1)
      base64 (>= 0.1.0)
      logger (>= 1.6.0)
      rack (>= 3.0.0, < 4)
    rack-session (2.1.0)
      base64 (>= 0.1.0)
      rack (>= 3.0.0)
    rack-test (2.2.0)
      rack (>= 1.3)
    rake (13.2.1)
    rdiscount (2.2.7.3)
    rdoc (6.11.0)
      psych (>= 4.0.0)
    redcarpet (3.6.0)
    rexml (3.4.0)
    rspec (3.13.0)
      rspec-core (~> 3.13.0)
      rspec-expectations (~> 3.13.0)
      rspec-mocks (~> 3.13.0)
    rspec-core (3.13.2)
      rspec-support (~> 3.13.0)
    rspec-expectations (3.13.3)
      diff-lcs (>= 1.2.0, < 2.0)
      rspec-support (~> 3.13.0)
    rspec-mocks (3.13.2)
      diff-lcs (>= 1.2.0, < 2.0)
      rspec-support (~> 3.13.0)
    rspec-support (3.13.2)
    ruby-statistics (4.1.0)
    ruby2_keywords (0.0.5)
    securerandom (0.4.1)
    sequel (5.89.0)
      bigdecimal
    sinatra (4.1.1)
      logger (>= 1.6.0)
      mustermann (~> 3.0)
      rack (>= 3.0.0, < 4)
      rack-protection (= 4.1.1)
      rack-session (>= 2.0.0, < 3)
      tilt (~> 2.0)
    skylight (6.0.4)
      activesupport (>= 5.2.0)
    sqlite3 (2.5.0)
      mini_portile2 (~> 2.8.0)
    sqlite3 (2.5.0-x64-mingw-ucrt)
    stackprof (0.2.27)
    stringio (3.1.2)
    syntax (1.2.2)
    thor (1.3.2)
    tilt (2.6.0)
    tzinfo (2.0.6)
      concurrent-ruby (~> 1.0)
    uri (1.0.2)
    version_sorter (2.3.0)
    yard-kramdown (0.0.1)
    yard-rails (0.3.0)
      yard
    yard-sd (0.0.4)

PLATFORMS
  ruby
  x64-mingw-ucrt

DEPENDENCIES
  RedCloth
  activesupport
  asciidoctor
  bluecloth
  derailed_benchmarks
  flamegraph
  github-markup
  json
  kramdown
  maruku
  memory_profiler
  net-http-persistent (~> 2.0)
  pg
  puma
  rack-mini-profiler
  rack-test
  rake
  rdiscount
  rdoc
  redcarpet
  rspec
  sequel
  sinatra (>= 1.3)
  skylight
  sqlite3
  stackprof
  syntax
  version_sorter
  yard!
  yard-kramdown
  yard-rails
  yard-sd

BUNDLED WITH
   2.6.2
