GIT
  remote: git://github.com/lsegal/rdiscount
  revision: 8db19397587838c315bebf788091355ac09f1fb4
  branch: gfm-fenced-code
  specs:
    rdiscount (2.1.6)

GIT
  remote: git://github.com/lsegal/yard
  revision: d2e4a38a52b6cd4e10bb88b20127955dd22bab21
  specs:
    yard (0.8.7.1)

GEM
  remote: https://rubygems.org/
  specs:
    RedCloth (4.2.9)
    activesupport (4.0.0)
      i18n (~> 0.6, >= 0.6.4)
      minitest (~> 4.2)
      multi_json (~> 1.3)
      thread_safe (~> 0.1)
      tzinfo (~> 0.3.37)
    airbrake (3.1.13)
      builder
      json
    asciidoctor (0.1.3)
    atomic (1.1.13)
    bluecloth (2.2.0)
    builder (3.2.2)
    diff-lcs (1.2.4)
    github-markup (0.7.5)
    i18n (0.6.5)
    json (1.8.0)
    kgio (2.8.0)
    kramdown (1.1.0)
    maruku (0.6.1)
      syntax (>= 1.0.0)
    minitest (4.7.5)
    multi_json (1.7.9)
    net-http-persistent (2.9)
    rack (1.5.2)
    rack-protection (1.5.0)
      rack
    raindrops (0.11.0)
    rake (10.1.0)
    rdoc (3.9.4)
    redcarpet (1.17.2)
    rspec (2.14.1)
      rspec-core (~> 2.14.0)
      rspec-expectations (~> 2.14.0)
      rspec-mocks (~> 2.14.0)
    rspec-core (2.14.5)
    rspec-expectations (2.14.2)
      diff-lcs (>= 1.1.3, < 2.0)
    rspec-mocks (2.14.3)
    sequel (4.1.1)
    sinatra (1.4.3)
      rack (~> 1.4)
      rack-protection (~> 1.4)
      tilt (~> 1.3, >= 1.3.4)
    sqlite3 (1.3.8)
    syntax (1.0.0)
    thread_safe (0.1.2)
      atomic
    tilt (1.4.1)
    tzinfo (0.3.37)
    unicorn (4.6.3)
      kgio (~> 2.6)
      rack
      raindrops (~> 0.7)
    yard-kramdown (0.0.1)
    yard-rails (0.3.0)
      yard
    yard-redcarpet-ext (0.0.3)
      yard (~> 0.8.0)
    yard-sd (0.0.4)

PLATFORMS
  ruby

DEPENDENCIES
  RedCloth
  activesupport
  airbrake
  asciidoctor
  bluecloth
  github-markup
  i18n
  json
  kramdown
  maruku
  net-http-persistent (~> 2.0)
  rake
  rdiscount!
  rdoc (= 3.9.4)
  redcarpet (= 1.17.2)
  rspec
  sequel
  sinatra (>= 1.3)
  sqlite3
  syntax
  unicorn
  yard!
  yard-kramdown
  yard-rails
  yard-redcarpet-ext (~> 0.0.3)
  yard-sd
