GIT
  remote: https://github.com/lsegal/yard.git
  revision: 698b22cc2340230856ab17a25cfefa889f1c8289
  branch: main
  specs:
    yard (0.9.34)

GEM
  remote: https://rubygems.org/
  specs:
    RedCloth (4.3.2)
    activesupport (7.0.7.1)
      concurrent-ruby (~> 1.0, >= 1.0.2)
      i18n (>= 1.6, < 2)
      minitest (>= 5.1)
      tzinfo (~> 2.0)
    asciidoctor (2.0.20)
    benchmark-ips (2.12.0)
    bluecloth (2.2.0)
    concurrent-ruby (1.2.2)
    dead_end (4.0.0)
    derailed_benchmarks (2.1.2)
      benchmark-ips (~> 2)
      dead_end
      get_process_mem (~> 0)
      heapy (~> 0)
      memory_profiler (>= 0, < 2)
      mini_histogram (>= 0.3.0)
      rack (>= 1)
      rack-test
      rake (> 10, < 14)
      ruby-statistics (>= 2.1)
      thor (>= 0.19, < 2)
    diff-lcs (1.5.0)
    ffi (1.15.5)
    flamegraph (0.9.5)
    get_process_mem (0.2.7)
      ffi (~> 1.0)
    github-markup (4.0.1)
    heapy (0.2.0)
      thor
    i18n (1.14.1)
      concurrent-ruby (~> 1.0)
    json (2.6.3)
    kramdown (2.4.0)
      rexml
    maruku (0.7.3)
    memory_profiler (1.0.1)
    mini_histogram (0.3.1)
    mini_portile2 (2.8.4)
    minitest (5.19.0)
    mustermann (3.0.0)
      ruby2_keywords (~> 0.0.1)
    net-http-persistent (2.9.4)
    nio4r (2.5.9)
    pg (1.5.3)
    pg (1.5.3-x64-mingw-ucrt)
    psych (5.1.0)
      stringio
    puma (6.3.1)
      nio4r (~> 2.0)
    rack (2.2.8)
    rack-mini-profiler (3.1.1)
      rack (>= 1.2.0)
    rack-protection (3.1.0)
      rack (~> 2.2, >= 2.2.4)
    rack-test (2.1.0)
      rack (>= 1.3)
    rake (13.0.6)
    rdiscount (2.2.7.1)
    rdoc (6.5.0)
      psych (>= 4.0.0)
    redcarpet (3.6.0)
    rexml (3.2.6)
    rspec (3.12.0)
      rspec-core (~> 3.12.0)
      rspec-expectations (~> 3.12.0)
      rspec-mocks (~> 3.12.0)
    rspec-core (3.12.2)
      rspec-support (~> 3.12.0)
    rspec-expectations (3.12.3)
      diff-lcs (>= 1.2.0, < 2.0)
      rspec-support (~> 3.12.0)
    rspec-mocks (3.12.6)
      diff-lcs (>= 1.2.0, < 2.0)
      rspec-support (~> 3.12.0)
    rspec-support (3.12.1)
    ruby-statistics (3.0.2)
    ruby2_keywords (0.0.5)
    sequel (5.71.0)
    sinatra (3.1.0)
      mustermann (~> 3.0)
      rack (~> 2.2, >= 2.2.4)
      rack-protection (= 3.1.0)
      tilt (~> 2.0)
    skylight (5.3.4)
      activesupport (>= 5.2.0)
    sqlite3 (1.6.3)
      mini_portile2 (~> 2.8.0)
    sqlite3 (1.6.3-x64-mingw-ucrt)
    stackprof (0.2.25)
    stringio (3.0.8)
    syntax (1.2.2)
    thor (1.2.2)
    tilt (2.2.0)
    tzinfo (2.0.6)
      concurrent-ruby (~> 1.0)
    version_sorter (2.3.0)
    yard-kramdown (0.0.1)
    yard-rails (0.3.0)
      yard
    yard-sd (0.0.4)

PLATFORMS
  ruby
  x64-mingw-ucrt

DEPENDENCIES
  RedCloth
  activesupport
  asciidoctor
  bluecloth
  derailed_benchmarks
  flamegraph
  github-markup
  json
  kramdown
  maruku
  memory_profiler
  net-http-persistent (~> 2.0)
  pg
  puma
  rack-mini-profiler
  rack-test
  rake
  rdiscount
  rdoc
  redcarpet
  rspec
  sequel
  sinatra (>= 1.3)
  skylight
  sqlite3
  stackprof
  syntax
  version_sorter
  yard!
  yard-kramdown
  yard-rails
  yard-sd

BUNDLED WITH
   2.4.12
