GIT
  remote: git://github.com/lsegal/yard
  revision: 13d9939df94acb7dcbe325ebed040f5d88b02373
  specs:
    yard (0.8.7.6)

GEM
  remote: https://rubygems.org/
  specs:
    RedCloth (4.2.9)
    activesupport (4.0.0)
      i18n (~> 0.6, >= 0.6.4)
      minitest (~> 4.2)
      multi_json (~> 1.3)
      thread_safe (~> 0.1)
      tzinfo (~> 0.3.37)
    airbrake (3.1.13)
      builder
      json
    asciidoctor (0.1.3)
    atomic (1.1.13)
    bluecloth (2.2.0)
    builder (3.2.2)
    diff-lcs (1.2.5)
    github-markup (0.7.5)
    i18n (0.6.5)
    json (1.8.0)
    kramdown (1.1.0)
    maruku (0.6.1)
      syntax (>= 1.0.0)
    minitest (4.7.5)
    multi_json (1.7.9)
    net-http-persistent (2.9)
    puma (2.8.1)
      rack (>= 1.1, < 2.0)
    rack (1.5.2)
    rack-protection (1.5.0)
      rack
    rake (10.1.0)
    rdiscount (2.1.7)
    rdoc (3.9.4)
    redcarpet (1.17.2)
    rspec (3.0.0)
      rspec-core (~> 3.0.0)
      rspec-expectations (~> 3.0.0)
      rspec-mocks (~> 3.0.0)
    rspec-core (3.0.4)
      rspec-support (~> 3.0.0)
    rspec-expectations (3.0.4)
      diff-lcs (>= 1.2.0, < 2.0)
      rspec-support (~> 3.0.0)
    rspec-mocks (3.0.4)
      rspec-support (~> 3.0.0)
    rspec-support (3.0.4)
    sequel (4.1.1)
    sinatra (1.4.3)
      rack (~> 1.4)
      rack-protection (~> 1.4)
      tilt (~> 1.3, >= 1.3.4)
    sqlite3 (1.3.9)
    syntax (1.0.0)
    thread_safe (0.1.2)
      atomic
    tilt (1.4.1)
    tomparse (0.4.2)
    tzinfo (0.3.37)
    version_sorter (2.0.0)
    yard-kramdown (0.0.1)
    yard-rails (0.3.0)
      yard
    yard-redcarpet-ext (0.0.3)
      yard (~> 0.8.0)
    yard-sd (0.0.4)
    yard-tomdoc (0.7.1)
      tomparse (>= 0.4.0)
      yard

PLATFORMS
  ruby

DEPENDENCIES
  RedCloth
  activesupport
  airbrake
  asciidoctor
  bluecloth
  github-markup
  i18n
  json
  kramdown
  maruku
  net-http-persistent (~> 2.0)
  puma
  rake
  rdiscount
  rdoc (= 3.9.4)
  redcarpet (= 1.17.2)
  rspec (~> 3.0.0)
  sequel
  sinatra (>= 1.3)
  sqlite3
  syntax
  version_sorter
  yard!
  yard-kramdown
  yard-rails
  yard-redcarpet-ext (~> 0.0.3)
  yard-sd
  yard-tomdoc
