GIT
  remote: https://github.com/lsegal/yard.git
  revision: ca59056a5c706ed519d1065efbf893c4d191d7f7
  branch: main
  specs:
    yard (0.9.25)

GEM
  remote: https://rubygems.org/
  specs:
    RedCloth (4.3.2)
    activesupport (6.0.3.1)
      concurrent-ruby (~> 1.0, >= 1.0.2)
      i18n (>= 0.7, < 2)
      minitest (~> 5.1)
      tzinfo (~> 1.1)
      zeitwerk (~> 2.2, >= 2.2.2)
    asciidoctor (2.0.10)
    benchmark-ips (2.7.2)
    bluecloth (2.2.0)
    concurrent-ruby (1.1.6)
    derailed_benchmarks (1.5.0)
      benchmark-ips (~> 2)
      get_process_mem (~> 0)
      heapy (~> 0)
      memory_profiler (~> 0)
      rack (>= 1)
      rake (> 10, < 14)
      ruby-statistics (>= 2.1)
      thor (~> 0.19)
    diff-lcs (1.3)
    ffi (1.11.3)
    flamegraph (0.9.5)
    get_process_mem (0.2.5)
      ffi (~> 1.0)
    github-markup (3.0.4)
    heapy (0.1.4)
    i18n (1.8.2)
      concurrent-ruby (~> 1.0)
    json (2.3.0)
    kramdown (2.3.1)
      rexml
    maruku (0.7.3)
    memory_profiler (0.9.14)
    minitest (5.14.1)
    mustermann (1.1.0)
      ruby2_keywords (~> 0.0.1)
    net-http-persistent (2.9.4)
    nio4r (2.5.2)
    puma (4.3.5)
      nio4r (~> 2.0)
    rack (2.2.3)
    rack-mini-profiler (1.1.4)
      rack (>= 1.2.0)
    rack-protection (2.0.8.1)
      rack
    rack-test (1.1.0)
      rack (>= 1.0, < 3)
    rake (13.0.1)
    rdiscount (2.2.0.1)
    rdoc (6.2.1)
    redcarpet (3.5.1)
    rexml (3.2.5)
    rspec (3.9.0)
      rspec-core (~> 3.9.0)
      rspec-expectations (~> 3.9.0)
      rspec-mocks (~> 3.9.0)
    rspec-core (3.9.1)
      rspec-support (~> 3.9.1)
    rspec-expectations (3.9.0)
      diff-lcs (>= 1.2.0, < 2.0)
      rspec-support (~> 3.9.0)
    rspec-mocks (3.9.1)
      diff-lcs (>= 1.2.0, < 2.0)
      rspec-support (~> 3.9.0)
    rspec-support (3.9.2)
    ruby-statistics (2.1.1)
    ruby2_keywords (0.0.1)
    sequel (5.28.0)
    sinatra (2.0.8.1)
      mustermann (~> 1.0)
      rack (~> 2.0)
      rack-protection (= 2.0.8.1)
      tilt (~> 2.0)
    skylight (4.2.0)
      skylight-core (= 4.2.0)
    skylight-core (4.2.0)
      activesupport (>= 4.2.0)
    sqlite3 (1.4.2)
    stackprof (0.2.15)
    syntax (1.2.2)
    thor (0.20.3)
    thread_safe (0.3.6)
    tilt (2.0.10)
    tzinfo (1.2.7)
      thread_safe (~> 0.1)
    version_sorter (2.2.4)
    yard-kramdown (0.0.1)
    yard-rails (0.3.0)
      yard
    yard-sd (0.0.4)
    zeitwerk (2.3.0)

PLATFORMS
  ruby

DEPENDENCIES
  RedCloth
  activesupport
  asciidoctor
  bluecloth
  derailed_benchmarks
  flamegraph
  github-markup
  json
  kramdown
  maruku
  memory_profiler
  net-http-persistent (~> 2.0)
  puma
  rack-mini-profiler
  rack-test
  rake
  rdiscount
  rdoc
  redcarpet
  rspec
  sequel
  sinatra (>= 1.3)
  skylight
  sqlite3
  stackprof
  syntax
  version_sorter
  yard!
  yard-kramdown
  yard-rails
  yard-sd

BUNDLED WITH
   2.1.2
