GIT
  remote: https://github.com/lsegal/yard
  revision: 0320b8918cd369385722694546286e6c4d341b07
  specs:
    yard (0.9.20)

GEM
  remote: https://rubygems.org/
  specs:
    RedCloth (4.3.2)
    activesupport (5.2.3)
      concurrent-ruby (~> 1.0, >= 1.0.2)
      i18n (>= 0.7, < 2)
      minitest (~> 5.1)
      tzinfo (~> 1.1)
    asciidoctor (1.5.7.1)
    bluecloth (2.2.0)
    concurrent-ruby (1.1.5)
    diff-lcs (1.3)
    github-markup (2.0.1)
    i18n (1.6.0)
      concurrent-ruby (~> 1.0)
    json (2.1.0)
    kramdown (1.1.0)
    maruku (0.7.3)
    minitest (5.11.3)
    mustermann (1.0.3)
    net-http-persistent (2.9)
    puma (3.12.0)
    rack (2.0.8)
    rack-protection (2.0.5)
      rack
    rake (12.3.2)
    rdiscount (2.2.0.1)
    rdoc (6.0.4)
    redcarpet (3.4.0)
    rspec (3.8.0)
      rspec-core (~> 3.8.0)
      rspec-expectations (~> 3.8.0)
      rspec-mocks (~> 3.8.0)
    rspec-core (3.8.0)
      rspec-support (~> 3.8.0)
    rspec-expectations (3.8.2)
      diff-lcs (>= 1.2.0, < 2.0)
      rspec-support (~> 3.8.0)
    rspec-mocks (3.8.0)
      diff-lcs (>= 1.2.0, < 2.0)
      rspec-support (~> 3.8.0)
    rspec-support (3.8.0)
    sequel (5.18.0)
    sinatra (2.0.5)
      mustermann (~> 1.0)
      rack (~> 2.0)
      rack-protection (= 2.0.5)
      tilt (~> 2.0)
    sqlite3 (1.3.9)
    syntax (1.2.2)
    thread_safe (0.3.6)
    tilt (2.0.9)
    tzinfo (1.2.5)
      thread_safe (~> 0.1)
    version_sorter (2.0.0)
    yard-kramdown (0.0.1)
    yard-rails (0.3.0)
      yard
    yard-sd (0.0.4)

PLATFORMS
  ruby

DEPENDENCIES
  RedCloth
  activesupport
  asciidoctor
  bluecloth
  github-markup
  i18n
  json
  kramdown
  maruku
  net-http-persistent (~> 2.0)
  puma
  rake
  rdiscount
  rdoc
  redcarpet
  rspec
  sequel
  sinatra (>= 1.3)
  sqlite3
  syntax
  version_sorter
  yard!
  yard-kramdown
  yard-rails
  yard-sd

BUNDLED WITH
   2.0.1
