GIT
  remote: https://github.com/lsegal/yard
  revision: c26eedab6eb3832e91c8fd745ef3e05da4c9a45e
  specs:
    yard (0.9.16)

GEM
  remote: https://rubygems.org/
  specs:
    RedCloth (4.3.2)
    activesupport (5.2.1)
      concurrent-ruby (~> 1.0, >= 1.0.2)
      i18n (>= 0.7, < 2)
      minitest (~> 5.1)
      tzinfo (~> 1.1)
    airbrake (7.4.0)
      airbrake-ruby (~> 2.12)
    airbrake-ruby (2.12.0)
    asciidoctor (1.5.7.1)
    bluecloth (2.2.0)
    concurrent-ruby (1.0.5)
    diff-lcs (1.3)
    github-markup (2.0.1)
    i18n (1.1.0)
      concurrent-ruby (~> 1.0)
    json (2.1.0)
    kramdown (1.17.0)
    maruku (0.7.3)
    minitest (5.11.3)
    net-http-persistent (2.9.4)
    puma (3.12.0)
    rack (1.6.10)
    rack-protection (1.5.5)
      rack
    rake (12.3.1)
    rdiscount (2.2.0.1)
    rdoc (6.0.4)
    redcarpet (3.4.0)
    rspec (3.8.0)
      rspec-core (~> 3.8.0)
      rspec-expectations (~> 3.8.0)
      rspec-mocks (~> 3.8.0)
    rspec-core (3.8.0)
      rspec-support (~> 3.8.0)
    rspec-expectations (3.8.2)
      diff-lcs (>= 1.2.0, < 2.0)
      rspec-support (~> 3.8.0)
    rspec-mocks (3.8.0)
      diff-lcs (>= 1.2.0, < 2.0)
      rspec-support (~> 3.8.0)
    rspec-support (3.8.0)
    sequel (5.13.0)
    sinatra (1.4.8)
      rack (~> 1.5)
      rack-protection (~> 1.4)
      tilt (>= 1.3, < 3)
    sqlite3 (1.3.13)
    syntax (1.2.2)
    thread_safe (0.3.6)
    tilt (2.0.8)
    tzinfo (1.2.5)
      thread_safe (~> 0.1)
    version_sorter (2.2.4)
    yard-kramdown (0.0.1)
    yard-rails (0.3.0)
      yard
    yard-sd (0.0.4)

PLATFORMS
  ruby

DEPENDENCIES
  RedCloth
  activesupport
  airbrake
  asciidoctor
  bluecloth
  github-markup
  i18n
  json
  kramdown
  maruku
  net-http-persistent (~> 2.0)
  puma
  rake
  rdiscount
  rdoc
  redcarpet
  rspec (~> 3.x)
  sequel
  sinatra (~> 1.3)
  sqlite3
  syntax
  version_sorter
  yard!
  yard-kramdown
  yard-rails
  yard-sd

BUNDLED WITH
   1.16.6
