GIT
  remote: https://github.com/lsegal/yard.git
  revision: e167846322cacdcecb12cbd438aee9e78c6873a2
  branch: main
  specs:
    yard (0.9.28)
      webrick (~> 1.7.0)

GEM
  remote: https://rubygems.org/
  specs:
    RedCloth (4.3.2)
    activesupport (6.1.4.1)
      concurrent-ruby (~> 1.0, >= 1.0.2)
      i18n (>= 1.6, < 2)
      minitest (>= 5.1)
      tzinfo (~> 2.0)
      zeitwerk (~> 2.3)
    asciidoctor (2.0.16)
    benchmark-ips (2.9.1)
    bluecloth (2.2.0)
    concurrent-ruby (1.1.9)
    dead_end (1.1.7)
    derailed_benchmarks (2.1.1)
      benchmark-ips (~> 2)
      dead_end
      get_process_mem (~> 0)
      heapy (~> 0)
      memory_profiler (>= 0, < 2)
      mini_histogram (>= 0.3.0)
      rack (>= 1)
      rack-test
      rake (> 10, < 14)
      ruby-statistics (>= 2.1)
      thor (>= 0.19, < 2)
    diff-lcs (1.4.4)
    ffi (1.15.4)
    flamegraph (0.9.5)
    get_process_mem (0.2.7)
      ffi (~> 1.0)
    github-markup (4.0.0)
    heapy (0.2.0)
      thor
    i18n (1.8.11)
      concurrent-ruby (~> 1.0)
    json (2.5.1)
    kramdown (2.3.1)
      rexml
    maruku (0.7.3)
    memory_profiler (1.0.0)
    mini_histogram (0.3.1)
    minitest (5.14.4)
    mustermann (1.1.1)
      ruby2_keywords (~> 0.0.1)
    net-http-persistent (2.9.4)
    nio4r (2.5.8)
    pg (1.2.3)
    puma (5.6.4)
      nio4r (~> 2.0)
    rack (2.2.6.4)
    rack-mini-profiler (2.3.3)
      rack (>= 1.2.0)
    rack-protection (2.2.0)
      rack
    rack-test (1.1.0)
      rack (>= 1.0, < 3)
    rake (13.0.6)
    rdiscount (2.2.0.2)
    rdoc (6.3.2)
    redcarpet (3.5.1)
    rexml (3.2.5)
    rspec (3.10.0)
      rspec-core (~> 3.10.0)
      rspec-expectations (~> 3.10.0)
      rspec-mocks (~> 3.10.0)
    rspec-core (3.10.1)
      rspec-support (~> 3.10.0)
    rspec-expectations (3.10.1)
      diff-lcs (>= 1.2.0, < 2.0)
      rspec-support (~> 3.10.0)
    rspec-mocks (3.10.2)
      diff-lcs (>= 1.2.0, < 2.0)
      rspec-support (~> 3.10.0)
    rspec-support (3.10.2)
    ruby-statistics (2.1.3)
    ruby2_keywords (0.0.5)
    sequel (5.48.0)
    sinatra (2.2.0)
      mustermann (~> 1.0)
      rack (~> 2.2)
      rack-protection (= 2.2.0)
      tilt (~> 2.0)
    skylight (5.1.1)
      activesupport (>= 5.2.0)
    sqlite3 (1.4.2)
    stackprof (0.2.17)
    syntax (1.2.2)
    thor (1.1.0)
    tilt (2.0.10)
    tzinfo (2.0.4)
      concurrent-ruby (~> 1.0)
    version_sorter (2.2.4)
    webrick (1.7.0)
    yard-kramdown (0.0.1)
    yard-rails (0.3.0)
      yard
    yard-sd (0.0.4)
    zeitwerk (2.5.1)

PLATFORMS
  ruby

DEPENDENCIES
  RedCloth
  activesupport
  asciidoctor
  bluecloth
  derailed_benchmarks
  flamegraph
  github-markup
  json
  kramdown
  maruku
  memory_profiler
  net-http-persistent (~> 2.0)
  pg
  puma
  rack-mini-profiler
  rack-test
  rake
  rdiscount
  rdoc
  redcarpet
  rspec
  sequel
  sinatra (>= 1.3)
  skylight
  sqlite3
  stackprof
  syntax
  version_sorter
  yard!
  yard-kramdown
  yard-rails
  yard-sd

BUNDLED WITH
   2.1.4
