GIT
  remote: git://github.com/lsegal/yard
  revision: fdf71a4708e91d2c422ef2a815ee9c36a7c60710
  specs:
    yard (0.9.8)

GEM
  remote: https://rubygems.org/
  specs:
    RedCloth (4.3.2)
    activesupport (5.0.2)
      concurrent-ruby (~> 1.0, >= 1.0.2)
      i18n (~> 0.7)
      minitest (~> 5.1)
      tzinfo (~> 1.1)
    airbrake (6.0.0)
      airbrake-ruby (~> 2.0)
    airbrake-ruby (2.0.0)
    asciidoctor (1.5.5)
    bluecloth (2.2.0)
    concurrent-ruby (1.0.5)
    diff-lcs (1.3)
    github-markup (1.6.0)
    i18n (0.8.1)
    json (2.0.3)
    kramdown (1.13.2)
    maruku (0.7.3)
    minitest (5.10.1)
    net-http-persistent (2.9.4)
    puma (3.8.2)
    rack (1.6.5)
    rack-protection (1.5.3)
      rack
    rake (12.0.0)
    rdiscount (2.2.0.1)
    rdoc (3.9.4)
    redcarpet (2.3.0)
    rspec (3.0.0)
      rspec-core (~> 3.0.0)
      rspec-expectations (~> 3.0.0)
      rspec-mocks (~> 3.0.0)
    rspec-core (3.0.4)
      rspec-support (~> 3.0.0)
    rspec-expectations (3.0.4)
      diff-lcs (>= 1.2.0, < 2.0)
      rspec-support (~> 3.0.0)
    rspec-mocks (3.0.4)
      rspec-support (~> 3.0.0)
    rspec-support (3.0.4)
    sequel (4.45.0)
    sinatra (1.4.8)
      rack (~> 1.5)
      rack-protection (~> 1.4)
      tilt (>= 1.3, < 3)
    sqlite3 (1.3.13)
    syntax (1.2.1)
    thread_safe (0.3.6)
    tilt (2.0.7)
    tzinfo (1.2.3)
      thread_safe (~> 0.1)
    version_sorter (2.1.0)
    yard-kramdown (0.0.1)
    yard-rails (0.3.0)
      yard
    yard-sd (0.0.4)

PLATFORMS
  ruby

DEPENDENCIES
  RedCloth
  activesupport
  airbrake
  asciidoctor
  bluecloth
  github-markup
  i18n
  json
  kramdown
  maruku
  net-http-persistent (~> 2.0)
  puma
  rake
  rdiscount
  rdoc (= 3.9.4)
  redcarpet (= 2.3.0)
  rspec (~> 3.0.0)
  sequel
  sinatra (>= 1.3)
  sqlite3
  syntax
  version_sorter
  yard!
  yard-kramdown
  yard-rails
  yard-sd

BUNDLED WITH
   1.14.6
